GEM
  remote: https://rubygems.org/
  specs:
    diff-lcs (1.4.4)
    line-bot-api (1.17.0)
    mini_portile2 (2.4.0)
    nio4r (2.5.4)
    nokogiri (1.10.10)
      mini_portile2 (~> 2.4.0)
    oj (3.10.17)
    puma (5.1.1)
      nio4r (~> 2.0)
    rack (2.2.3)
    rake (13.0.2)
    rspec (3.10.0)
      rspec-core (~> 3.10.0)
      rspec-expectations (~> 3.10.0)
      rspec-mocks (~> 3.10.0)
    rspec-core (3.10.0)
      rspec-support (~> 3.10.0)
    rspec-expectations (3.10.0)
      diff-lcs (>= 1.2.0, < 2.0)
      rspec-support (~> 3.10.0)
    rspec-mocks (3.10.0)
      diff-lcs (>= 1.2.0, < 2.0)
      rspec-support (~> 3.10.0)
    rspec-support (3.10.0)
    vcr (6.0.0)

PLATFORMS
  ruby

DEPENDENCIES
  line-bot-api (~> 1.17)
  nokogiri (~> 1.10)
  oj (~> 3.10)
  puma (~> 5.1)
  rack (~> 2.2)
  rake
  rspec
  vcr

BUNDLED WITH
   2.1.4
